GEM
  remote: http://rubygems.org/
  specs:
    hoe (3.1.0)
      rake (~> 0.8)
    minitest (4.1.0)
    racc (1.4.9)
    rake (0.9.2.2)
    sexp_processor (4.0.1)

PLATFORMS
  ruby

DEPENDENCIES
  bundler (~> 1.0)
  hoe
  minitest
  racc
  rake
  sexp_processor (~> 4.0.0)
